GEM
  remote: https://rubygems.org/
  specs:
    addressable (2.8.7)
      public_suffix (>= 2.0.2, < 7.0)
    bigdecimal (3.1.8)
    byebug (11.1.3)
    coderay (1.1.3)
    colorator (1.1.0)
    concurrent-ruby (1.3.4)
    csv (3.3.0)
    em-websocket (0.5.3)
      eventmachine (>= 0.12.9)
      http_parser.rb (~> 0)
    eventmachine (1.2.7)
    eventmachine (1.2.7-x64-mingw32)
    ffi (1.17.0)
    forwardable-extended (2.6.0)
    google-protobuf (4.29.1)
      bigdecimal
      rake (>= 13)
    http_parser.rb (0.8.0)
    httparty (0.22.0)
      csv
      mini_mime (>= 1.0.0)
      multi_xml (>= 0.5.2)
    i18n (1.14.6)
      concurrent-ruby (~> 1.0)
    jekyll (4.3.4)
      addressable (~> 2.4)
      colorator (~> 1.0)
      em-websocket (~> 0.5)
      i18n (~> 1.0)
      jekyll-sass-converter (>= 2.0, < 4.0)
      jekyll-watch (~> 2.0)
      kramdown (~> 2.3, >= 2.3.1)
      kramdown-parser-gfm (~> 1.0)
      liquid (~> 4.0)
      mercenary (>= 0.3.6, < 0.5)
      pathutil (~> 0.9)
      rouge (>= 3.0, < 5.0)
      safe_yaml (~> 1.0)
      terminal-table (>= 1.8, < 4.0)
      webrick (~> 1.7)
    jekyll-sass-converter (3.0.0)
      sass-embedded (~> 1.54)
    jekyll-seo-tag (2.8.0)
      jekyll (>= 3.8, < 5.0)
    jekyll-watch (2.2.1)
      listen (~> 3.0)
    kramdown (2.5.1)
      rexml (>= 3.3.9)
    kramdown-parser-gfm (1.1.0)
      kramdown (~> 2.0)
    liquid (4.0.4)
    listen (3.9.0)
      rb-fsevent (~> 0.10, >= 0.10.3)
      rb-inotify (~> 0.9, >= 0.9.10)
    mercenary (0.4.0)
    method_source (1.1.0)
    mini_magick (5.0.1)
    mini_mime (1.1.5)
    mini_portile2 (2.8.8)
    multi_xml (0.7.1)
      bigdecimal (~> 3.1)
    nokogiri (1.16.8)
      mini_portile2 (~> 2.8.2)
      racc (~> 1.4)
    pathutil (0.16.2)
      forwardable-extended (~> 2.6)
    posix-spawn (0.3.15)
    prettier_print (1.2.1)
    pry (0.14.2)
      coderay (~> 1.1)
      method_source (~> 1.0)
    pry-byebug (3.10.1)
      byebug (~> 11.0)
      pry (>= 0.13, < 0.15)
    public_suffix (6.0.1)
    racc (1.8.1)
    rake (13.2.1)
    rb-fsevent (0.11.2)
    rb-inotify (0.11.1)
      ffi (~> 1.0)
    rexml (3.3.9)
    rouge (4.5.1)
    safe_yaml (1.0.5)
    sass-embedded (1.82.0)
      google-protobuf (~> 4.28)
      rake (>= 13)
    sass-embedded (1.82.0-x64-mingw32)
      google-protobuf (~> 4.28)
    syntax_tree (6.2.0)
      prettier_print (>= 1.2.0)
    terminal-table (3.0.2)
      unicode-display_width (>= 1.1.1, < 3)
    unicode-display_width (2.6.0)
    webrick (1.9.1)

PLATFORMS
  ruby
  x64-mingw32

DEPENDENCIES
  httparty
  jekyll (~> 4.0)
  jekyll-seo-tag
  mini_magick
  nokogiri
  posix-spawn
  pry
  pry-byebug
  syntax_tree
  webrick (~> 1.7)

BUNDLED WITH
   2.3.4
